GEM
  remote: https://rubygems.org/
  specs:
    coderay (1.1.0)
    mail (2.6.1)
      mime-types (>= 1.16, < 3)
    method_source (0.8.2)
    mime-types (2.4.3)
    netrc (0.7.9)
    pony (1.11)
      mail (>= 2.0)
    pry (0.9.12.6)
      coderay (~> 1.0)
      method_source (~> 0.8)
      slop (~> 3.4)
    rake (10.3.2)
    rest_client (1.7.3)
      netrc (~> 0.7.7)
    slop (3.4.7)

PLATFORMS
  ruby

DEPENDENCIES
  pony
  pry
  rake
  rest_client
